GEM
  remote: https://rubygems.org/
  specs:
    backports (3.8.0)
    multi_json (1.12.1)
    mustermann (1.0.0)
    rack (2.0.3)
    rack-protection (2.0.0)
      rack
    rack-proxy (0.6.1)
      rack
    sinatra (2.0.0)
      mustermann (~> 1.0)
      rack (~> 2.0)
      rack-protection (= 2.0.0)
      tilt (~> 2.0)
    sinatra-contrib (2.0.0)
      backports (>= 2.0)
      multi_json
      mustermann (~> 1.0)
      rack-protection (= 2.0.0)
      sinatra (= 2.0.0)
      tilt (>= 1.3, < 3)
    tilt (2.0.7)

PLATFORMS
  ruby

DEPENDENCIES
  rack-proxy
  sinatra
  sinatra-contrib

RUBY VERSION
   ruby 2.3.1p112

BUNDLED WITH
   1.13.6
